PATH
  remote: .
  specs:
    brighter_planet_billing (0.0.1)
      activerecord (~> 3)
      activesupport (~> 3)
      aws (>= 2.3.26, < 2.4)
      blockenspiel
      builder
      hoptoad_notifier (= 2.3.0)
      i18n

GEM
  remote: http://rubygems.org/
  specs:
    activemodel (3.0.3)
      activesupport (= 3.0.3)
      builder (~> 2.1.2)
      i18n (~> 0.4)
    activerecord (3.0.3)
      activemodel (= 3.0.3)
      activesupport (= 3.0.3)
      arel (~> 2.0.2)
      tzinfo (~> 0.3.23)
    activesupport (3.0.3)
    arel (2.0.4)
    aws (2.3.26)
      activesupport
      http_connection
      uuidtools
      xml-simple
    blockenspiel (0.4.1)
    builder (2.1.2)
    columnize (0.3.1)
    hoptoad_notifier (2.3.0)
      activesupport
    http_connection (1.4.0)
    i18n (0.4.1)
    linecache (0.43)
    ruby-debug (0.10.3)
      columnize (>= 0.1)
      ruby-debug-base (~> 0.10.3.0)
    ruby-debug-base (0.10.3)
      linecache (>= 0.3)
    sqlite3-ruby (1.3.1)
    test-unit (2.1.1)
    tzinfo (0.3.23)
    uuidtools (2.1.1)
    xml-simple (1.0.12)

PLATFORMS
  ruby

DEPENDENCIES
  activerecord (~> 3)
  activesupport (~> 3)
  aws (>= 2.3.26, < 2.4)
  blockenspiel
  brighter_planet_billing!
  builder
  hoptoad_notifier (= 2.3.0)
  i18n
  ruby-debug
  sqlite3-ruby
  test-unit
