PATH
  remote: .
  specs:
    brighter_planet_billing (0.0.1)
      activerecord (~> 2.3)
      activesupport (~> 2.3)
      blockenspiel
      bson
      bson_ext
      builder
      hoptoad_notifier (= 2.3.0)
      i18n
      mongo

GEM
  remote: http://rubygems.org/
  specs:
    activerecord (2.3.10)
      activesupport (= 2.3.10)
    activesupport (2.3.10)
    blockenspiel (0.4.1)
    bson (1.1.5)
    bson_ext (1.1.5)
    builder (2.1.2)
    hoptoad_notifier (2.3.0)
      activesupport
    i18n (0.5.0)
    mongo (1.1.5)
      bson (>= 1.1.5)
    sqlite3-ruby (1.3.2)
    test-unit (2.1.2)

PLATFORMS
  ruby

DEPENDENCIES
  activerecord (~> 2.3)
  activesupport (~> 2.3)
  blockenspiel
  brighter_planet_billing!
  bson
  bson_ext
  builder
  hoptoad_notifier (= 2.3.0)
  i18n
  mongo
  sqlite3-ruby
  test-unit
