PATH
  remote: .
  specs:
    brighter_planet_billing (0.0.1)
      activerecord (>= 2.3)
      activesupport (>= 2.3)
      blockenspiel
      bson
      bson_ext
      builder
      hoptoad_notifier (= 2.3.0)
      i18n
      mongo

GEM
  remote: http://rubygems.org/
  specs:
    activerecord (2.3.10)
      activesupport (= 2.3.10)
    activesupport (2.3.10)
    blockenspiel (0.4.1)
    bson (1.1.4)
    bson_ext (1.1.4)
    builder (3.0.0)
    columnize (0.3.2)
    hoptoad_notifier (2.3.0)
      activesupport
    i18n (0.5.0)
    linecache (0.43)
    mongo (1.1.4)
      bson (>= 1.1.1)
    ruby-debug (0.10.4)
      columnize (>= 0.1)
      ruby-debug-base (~> 0.10.4.0)
    ruby-debug-base (0.10.4)
      linecache (>= 0.3)
    sqlite3-ruby (1.3.2)
    test-unit (2.1.2)

PLATFORMS
  ruby

DEPENDENCIES
  activerecord (>= 2.3)
  activesupport (>= 2.3)
  blockenspiel
  brighter_planet_billing!
  bson
  bson_ext
  builder
  hoptoad_notifier (= 2.3.0)
  i18n
  mongo
  ruby-debug
  sqlite3-ruby
  test-unit
